GEM
  remote: http://rubygems.org/
  remote: http://gems.github.com/
  specs:
    RedCloth (4.2.9)
    actionmailer (2.3.15)
      actionpack (= 2.3.15)
    actionpack (2.3.15)
      activesupport (= 2.3.15)
      rack (~> 1.1.3)
    activerecord (2.3.15)
      activesupport (= 2.3.15)
    activeresource (2.3.15)
      activesupport (= 2.3.15)
    activesupport (2.3.15)
    capistrano (2.13.5)
      highline
      net-scp (>= 1.0.0)
      net-sftp (>= 2.0.0)
      net-ssh (>= 2.0.14)
      net-ssh-gateway (>= 1.1.0)
    capistrano-ext (1.2.1)
      capistrano (>= 1.0.0)
    carmen (0.2.8)
    chronic (0.9.0)
    cocaine (0.4.2)
    coderay (1.1.0)
    color (1.4.1)
    daemons (1.1.9)
    eventmachine (1.0.3)
    faker (1.1.2)
      i18n (~> 0.5)
    highline (1.6.15)
    i18n (0.6.1)
    json (1.7.5)
    metaclass (0.0.1)
    method_source (0.8.2)
    mime-types (1.19)
    mocha (0.13.1)
      metaclass (~> 0.0.1)
    mysql (2.9.0)
    net-scp (1.0.4)
      net-ssh (>= 1.99.1)
    net-sftp (2.0.5)
      net-ssh (>= 2.0.9)
    net-ssh (2.6.2)
    net-ssh-gateway (1.1.0)
      net-ssh (>= 1.99.1)
    paperclip (2.3.15)
      activerecord (>= 2.3.0)
      activesupport (>= 2.3.2)
      cocaine (>= 0.0.2)
      mime-types
    pdf-writer (1.1.8)
      color (>= 1.4.0)
      transaction-simple (~> 1.3)
    pry (0.9.12.4)
      coderay (~> 1.0)
      method_source (~> 0.8)
      slop (~> 3.4)
    pry-nav (0.2.3)
      pry (~> 0.9.10)
    rack (1.1.4)
    rails (2.3.15)
      actionmailer (= 2.3.15)
      actionpack (= 2.3.15)
      activerecord (= 2.3.15)
      activeresource (= 2.3.15)
      activesupport (= 2.3.15)
      rake (>= 0.8.3)
    rake (0.9.2.2)
    rcov (0.9.9)
    rdoc (3.12)
      json (~> 1.4)
    redbox (1.0.4)
    restful_authentication (1.1.6)
      rails (~> 2.3.4)
    ruby-ole (1.2.11.6)
    rvm-capistrano (1.2.7)
      capistrano (>= 2.0.0)
    slop (3.4.7)
    spreadsheet (0.6.5.5)
      ruby-ole (>= 1.0)
    sqlite3 (1.3.6)
    sqlite3-ruby (1.3.3)
      sqlite3 (>= 1.3.3)
    thin (1.6.1)
      daemons (>= 1.0.9)
      eventmachine (>= 1.0.0)
      rack (>= 1.0.0)
    transaction-simple (1.4.0.2)
    whenever (0.8.1)
      activesupport (>= 2.3.4)
      chronic (>= 0.6.3)
    will_paginate (2.3.15)
    wirble (0.1.3)
    yaml_db (0.1.0)

PLATFORMS
  ruby

DEPENDENCIES
  RedCloth (= 4.2.9)
  capistrano
  capistrano-ext
  carmen (= 0.2.8)
  faker
  mocha
  mysql
  paperclip (= 2.3.15)
  pdf-writer (= 1.1.8)
  pry
  pry-nav
  rails (= 2.3.15)
  rake (= 0.9.2.2)
  rcov (= 0.9.9)
  rdoc
  redbox (= 1.0.4)
  restful_authentication (= 1.1.6)
  rvm-capistrano
  spreadsheet (= 0.6.5.5)
  sqlite3-ruby
  thin
  whenever
  will_paginate (= 2.3.15)
  wirble
  yaml_db (= 0.1.0)
